GEM
  remote: https://rubygems.org/
  specs:
    aws-sdk (1.6.6)
      httparty (~> 0.7)
      json (~> 1.4)
      nokogiri (>= 1.4.4)
      uuidtools (~> 2.1)
    celluloid (0.12.0)
      timers (>= 1.0.0)
    connection_pool (0.9.2)
    crack (0.1.8)
    httparty (0.7.8)
      crack (= 0.1.8)
    json (1.5.3)
    multi_json (1.3.6)
    nokogiri (1.5.0)
    redis (3.0.1)
    redis-namespace (1.2.1)
      redis (~> 3.0.0)
    sidekiq (2.3.3)
      celluloid (~> 0.12.0)
      connection_pool (~> 0.9.2)
      multi_json (~> 1)
      redis (~> 3)
      redis-namespace
    timers (1.0.1)
    uuidtools (2.1.3)

PLATFORMS
  ruby

DEPENDENCIES
  aws-sdk
  sidekiq
